PATH
  remote: .
  specs:
    rails_cache_adapters (0.0.1)
      activesupport (>= 3.2)
      snappy (= 0.0.4)

GEM
  remote: https://rubygems.org/
  specs:
    activesupport (3.2.13)
      i18n (= 0.6.1)
      multi_json (~> 1.0)
    i18n (0.6.1)
    memcached (1.5.0)
    metaclass (0.0.1)
    minitest (4.7.1)
    mocha (0.13.3)
      metaclass (~> 0.0.1)
    multi_json (1.8.2)
    rake (10.0.4)
    snappy (0.0.4)
    timecop (0.6.1)

PLATFORMS
  ruby

DEPENDENCIES
  memcached
  minitest
  mocha
  rails_cache_adapters!
  rake
  timecop
