GIT
  remote: https://github.com/Shopify/memcached.git
  revision: 30f5735d5db2dfd50dd885ceeb51672320b356d3
  branch: 1-0-stable-shopify
  specs:
    memcached (1.9.0)

PATH
  remote: .
  specs:
    memcached_store (2.3.4)
      activesupport (>= 6)
      memcached (~> 1.8)

GEM
  remote: https://rubygems.org/
  specs:
    activesupport (8.0.2)
      base64
      benchmark (>= 0.3)
      bigdecimal
      concurrent-ruby (~> 1.0, >= 1.3.1)
      connection_pool (>= 2.2.5)
      drb
      i18n (>= 1.6, < 2)
      logger (>= 1.4.2)
      minitest (>= 5.1)
      securerandom (>= 0.3)
      tzinfo (~> 2.0, >= 2.0.5)
      uri (>= 0.13.1)
    base64 (0.2.0)
    benchmark (0.4.0)
    bigdecimal (3.1.9)
    concurrent-ruby (1.3.5)
    connection_pool (2.5.0)
    drb (2.2.1)
    i18n (1.14.7)
      concurrent-ruby (~> 1.0)
    logger (1.7.0)
    minitest (5.25.5)
    mocha (2.7.1)
      ruby2_keywords (>= 0.0.5)
    rake (13.2.1)
    ruby2_keywords (0.0.5)
    securerandom (0.4.1)
    snappy (0.4.0)
    timecop (0.9.10)
    tzinfo (2.0.6)
      concurrent-ruby (~> 1.0)
    uri (1.0.3)

PLATFORMS
  ruby

DEPENDENCIES
  memcached!
  memcached_store!
  mocha
  rake
  snappy
  timecop

BUNDLED WITH
   2.5.7
